GEM
  remote: https://rubygems.org/
  specs:
    actionmailer (4.1.13)
      actionpack (= 4.1.13)
      actionview (= 4.1.13)
      mail (~> 2.5, >= 2.5.4)
    actionpack (4.1.13)
      actionview (= 4.1.13)
      activesupport (= 4.1.13)
      rack (~> 1.5.2)
      rack-test (~> 0.6.2)
    actionview (4.1.13)
      activesupport (= 4.1.13)
      builder (~> 3.1)
      erubis (~> 2.7.0)
    activemodel (4.1.13)
      activesupport (= 4.1.13)
      builder (~> 3.1)
    activerecord (4.1.13)
      activemodel (= 4.1.13)
      activesupport (= 4.1.13)
      arel (~> 5.0.0)
    activesupport (4.1.13)
      i18n (~> 0.6, >= 0.6.9)
      json (~> 1.7, >= 1.7.7)
      minitest (~> 5.1)
      thread_safe (~> 0.1)
      tzinfo (~> 1.1)
    annotate (2.6.10)
      activerecord (>= 3.2, <= 4.3)
      rake (~> 10.4)
    arel (5.0.1.20140414130214)
    autoprefixer-rails (6.1.0.1)
      execjs
      json
    awesome_print (1.6.1)
    better_errors (2.1.1)
      coderay (>= 1.0.0)
      erubis (>= 2.6.6)
      rack (>= 0.9.0)
    binding_of_caller (0.7.2)
      debug_inspector (>= 0.0.1)
    bootstrap-sass (3.3.5)
      autoprefixer-rails (>= 5.0.0.1)
      sass (>= 3.2.19)
    builder (3.2.2)
    bullet (4.14.10)
      activesupport (>= 3.0.0)
      uniform_notifier (~> 1.9.0)
    byebug (8.2.0)
    carrierwave (0.10.0)
      activemodel (>= 3.2.0)
      activesupport (>= 3.2.0)
      json (>= 1.7)
      mime-types (>= 1.16)
    code_analyzer (0.4.5)
      sexp_processor
    coderay (1.1.0)
    coffee-rails (4.0.1)
      coffee-script (>= 2.2.0)
      railties (>= 4.0.0, < 5.0)
    coffee-script (2.4.1)
      coffee-script-source
      execjs
    coffee-script-source (1.10.0)
    colored (1.2)
    daemons (1.2.3)
    debug_inspector (0.0.2)
    draper (2.1.0)
      actionpack (>= 3.0)
      activemodel (>= 3.0)
      activesupport (>= 3.0)
      request_store (~> 1.0)
    erubis (2.7.0)
    eventmachine (1.0.8)
    execjs (2.6.0)
    hike (1.2.3)
    httparty (0.13.7)
      json (~> 1.8)
      multi_xml (>= 0.5.2)
    i18n (0.7.0)
    jbuilder (2.3.2)
      activesupport (>= 3.0.0, < 5)
      multi_json (~> 1.2)
    jquery-rails (3.1.4)
      railties (>= 3.0, < 5.0)
      thor (>= 0.14, < 2.0)
    json (1.8.3)
    lol_dba (2.0.1)
      actionpack (>= 3.0, < 5.0)
      activerecord (>= 3.0, < 5.0)
      railties (>= 3.0, < 5.0)
    mail (2.6.3)
      mime-types (>= 1.16, < 3)
    mime-types (2.99)
    mini_portile (0.6.2)
    minitest (5.8.3)
    multi_json (1.11.2)
    multi_xml (0.5.5)
    nokogiri (1.6.6.4)
      mini_portile (~> 0.6.0)
    pr_geohash (1.0.0)
    quiet_assets (1.1.0)
      railties (>= 3.1, < 5.0)
    rack (1.5.5)
    rack-test (0.6.3)
      rack (>= 1.0)
    rails (4.1.13)
      actionmailer (= 4.1.13)
      actionpack (= 4.1.13)
      actionview (= 4.1.13)
      activemodel (= 4.1.13)
      activerecord (= 4.1.13)
      activesupport (= 4.1.13)
      bundler (>= 1.3.0, < 2.0)
      railties (= 4.1.13)
      sprockets-rails (~> 2.0)
    rails_best_practices (1.15.7)
      activesupport
      code_analyzer (>= 0.4.3)
      colored
      erubis
      i18n
      json
      require_all
      ruby-progressbar
    railties (4.1.13)
      actionpack (= 4.1.13)
      activesupport (= 4.1.13)
      rake (>= 0.8.7)
      thor (>= 0.18.1, < 2.0)
    rake (10.4.2)
    rdoc (4.2.0)
      json (~> 1.4)
    request_store (1.2.1)
    require_all (1.3.3)
    rsolr (1.0.13)
      builder (>= 2.1.2)
    ruby-progressbar (1.7.5)
    sass (3.2.19)
    sass-rails (4.0.5)
      railties (>= 4.0.0, < 5.0)
      sass (~> 3.2.2)
      sprockets (~> 2.8, < 3.0)
      sprockets-rails (~> 2.0)
    sdoc (0.4.1)
      json (~> 1.7, >= 1.7.7)
      rdoc (~> 4.0)
    sexp_processor (4.6.0)
    simple_form (3.2.0)
      actionpack (~> 4.0)
      activemodel (~> 4.0)
    social-share-button (0.1.10)
      coffee-rails
      sass-rails
    spring (1.4.4)
    sprockets (2.12.4)
      hike (~> 1.2)
      multi_json (~> 1.0)
      rack (~> 1.0)
      tilt (~> 1.1, != 1.3.0)
    sprockets-rails (2.3.3)
      actionpack (>= 3.0)
      activesupport (>= 3.0)
      sprockets (>= 2.8, < 4.0)
    sqlite3 (1.3.11)
    sunspot (2.2.1)
      pr_geohash (~> 1.0)
      rsolr (~> 1.0.7)
    sunspot_rails (2.2.1)
      nokogiri
      rails (>= 3)
      sunspot (= 2.2.1)
    sunspot_solr (2.2.1)
    thin (1.6.4)
      daemons (~> 1.0, >= 1.0.9)
      eventmachine (~> 1.0, >= 1.0.4)
      rack (~> 1.0)
    thor (0.19.1)
    thread_safe (0.3.5)
    tilt (1.4.1)
    turbolinks (2.5.3)
      coffee-rails
    tzinfo (1.2.2)
      thread_safe (~> 0.1)
    uglifier (2.7.2)
      execjs (>= 0.3.0)
      json (>= 1.8.0)
    uniform_notifier (1.9.0)
    will_paginate (3.0.7)

PLATFORMS
  ruby

DEPENDENCIES
  annotate
  awesome_print
  better_errors
  binding_of_caller
  bootstrap-sass
  bullet
  byebug
  carrierwave
  coffee-rails (~> 4.0.0)
  draper
  httparty
  jbuilder (~> 2.0)
  jquery-rails
  lol_dba
  quiet_assets
  rails (= 4.1.13)
  rails_best_practices
  sass-rails (~> 4.0.3)
  sdoc (~> 0.4.0)
  simple_form
  social-share-button
  spring
  sqlite3
  sunspot_rails
  sunspot_solr
  thin
  turbolinks
  uglifier (>= 1.3.0)
  will_paginate
